GEM
  remote: https://rubygems.org/
  specs:
    rainbow (2.0.0)
    sass (3.4.16)
    scss_lint (0.40.1)
      rainbow (~> 2.0)
      sass (~> 3.4.1)

PLATFORMS
  ruby
  x86-mingw32

DEPENDENCIES
  scss_lint

BUNDLED WITH
   1.10.6
